PATH
  remote: .
  specs:
    sandthorn (0.3.0)
      dirty_hashy

GEM
  remote: https://rubygems.org/
  specs:
    activesupport (4.0.4)
      i18n (~> 0.6, >= 0.6.9)
      minitest (~> 4.2)
      multi_json (~> 1.3)
      thread_safe (~> 0.1)
      tzinfo (~> 0.3.37)
    autotest-standalone (4.5.11)
    awesome_print (1.2.0)
    coderay (1.1.0)
    coveralls (0.7.0)
      multi_json (~> 1.3)
      rest-client
      simplecov (>= 0.7)
      term-ansicolor
      thor
    diff-lcs (1.2.5)
    dirty_hashy (0.2.1)
      activesupport
    docile (1.1.3)
    gem-release (0.7.1)
    i18n (0.6.9)
    method_source (0.8.2)
    mime-types (2.2)
    minitest (4.7.5)
    multi_json (1.9.2)
    pg (0.17.1)
    pry (0.9.12.6)
      coderay (~> 1.0)
      method_source (~> 0.8)
      slop (~> 3.4)
    pry-doc (0.6.0)
      pry (~> 0.9)
      yard (~> 0.8)
    rake (10.2.2)
    rest-client (1.6.7)
      mime-types (>= 1.16)
    rspec (2.14.1)
      rspec-core (~> 2.14.0)
      rspec-expectations (~> 2.14.0)
      rspec-mocks (~> 2.14.0)
    rspec-core (2.14.8)
    rspec-expectations (2.14.5)
      diff-lcs (>= 1.1.3, < 2.0)
    rspec-mocks (2.14.6)
    sandthorn_driver_sequel (1.1.0)
      pg
      sequel
    sequel (4.9.0)
    simplecov (0.8.2)
      docile (~> 1.1.0)
      multi_json
      simplecov-html (~> 0.8.0)
    simplecov-html (0.8.0)
    slop (3.5.0)
    sqlite3 (1.3.9)
    term-ansicolor (1.3.0)
      tins (~> 1.0)
    thor (0.19.1)
    thread_safe (0.3.3)
    tins (1.1.0)
    tzinfo (0.3.39)
    yard (0.8.7.4)

PLATFORMS
  ruby

DEPENDENCIES
  autotest-standalone
  awesome_print
  bundler (~> 1.3)
  coveralls
  gem-release
  pry
  pry-doc
  rake
  rspec
  sandthorn!
  sandthorn_driver_sequel (~> 1.1)
  sqlite3
